GEM
  remote: https://rubygems.org/
  specs:
    mysql2 (0.5.5)

PLATFORMS
  arm64-darwin-21

DEPENDENCIES
  mysql2 (~> 0.5.5)

BUNDLED WITH
   2.2.3
